GIT
  remote: https://github.com/rwdaigle/heroku-log-parser.git
  revision: 33e46fdee18ffc5cd21a5190008152b02d5f7103
  specs:
    heroku-log-parser (0.4.0)

GEM
  remote: https://rubygems.org/
  specs:
    aws-sdk (1.67.0)
      aws-sdk-v1 (= 1.67.0)
    aws-sdk-v1 (1.67.0)
      json (~> 1.4)
      nokogiri (~> 1)
    json (1.8.6)
    mini_portile2 (2.6.1)
    newrelic_rpm (3.15.2.317)
    nio4r (2.5.2)
    nokogiri (1.12.5)
      mini_portile2 (~> 2.6.1)
      racc (~> 1.4)
    puma (4.3.5)
      nio4r (~> 2.0)
    racc (1.5.2)
    rack (2.2.3)

PLATFORMS
  ruby

DEPENDENCIES
  aws-sdk (~> 1.4)
  heroku-log-parser!
  newrelic_rpm
  nokogiri (>= 1.10.8)
  puma (>= 3.12.3)
  rack (>= 2.0.8)

RUBY VERSION
   ruby 2.7.3p183

BUNDLED WITH
   2.1.4
